GEM
  remote: https://rubygems.org/
  specs:
    cmath (1.0.0)

PLATFORMS
  x64-mingw32

DEPENDENCIES
  cmath

BUNDLED WITH
   2.1.4
